GEM
  remote: https://rubygems.org/
  specs:
    coderay (1.1.1)
    httparty (0.13.7)
      json (~> 1.8)
      multi_xml (>= 0.5.2)
    json (1.8.6)
    method_source (0.8.2)
    multi_xml (0.6.0)
    mustermann (1.0.0)
    pry (0.10.4)
      coderay (~> 1.1.0)
      method_source (~> 0.8.1)
      slop (~> 3.4)
    rack (2.0.1)
    rack-protection (2.0.0)
      rack
    ruby-oembed (0.12.0)
    sinatra (2.0.0)
      mustermann (~> 1.0)
      rack (~> 2.0)
      rack-protection (= 2.0.0)
      tilt (~> 2.0)
    slop (3.6.0)
    tilt (2.0.7)

PLATFORMS
  ruby

DEPENDENCIES
  httparty (~> 0.13.7)
  pry
  ruby-oembed (~> 0.12.0)
  sinatra (~> 2.0)

BUNDLED WITH
   1.14.6
